GIT
  remote: https://github.com/makandra/rails.git
  revision: e53a9789b87375c15f494dc714d3c330f7a28021
  branch: 2-3-lts
  specs:
    actionmailer (2.3.18.37)
      actionpack (= 2.3.18.37)
    actionpack (2.3.18.37)
      activesupport (= 2.3.18.37)
      rack (< 1.5)
    activerecord (2.3.18.37)
      activesupport (= 2.3.18.37)
    activeresource (2.3.18.37)
      activesupport (= 2.3.18.37)
    activesupport (2.3.18.37)
    rails (2.3.18.37)
      actionmailer (= 2.3.18.37)
      actionpack (= 2.3.18.37)
      activerecord (= 2.3.18.37)
      activeresource (= 2.3.18.37)
      activesupport (= 2.3.18.37)
      railslts-version (= 2.3.18.37)
      railties (= 2.3.18.37)
    railslts-version (2.3.18.37)
    railties (2.3.18.37)
      actionpack (= 2.3.18.37)
      activesupport (= 2.3.18.37)
      rake (>= 0.8.3, < 11)

GEM
  remote: https://rubygems.org/
  specs:
    activerecord-mysql2-adapter (0.0.3)
      mysql2
    ambethia-smtp-tls (1.1.2)
    bugsnag (5.5.0)
    builder (3.2.4)
    cucumber (1.1.0)
      builder (>= 2.1.2)
      diff-lcs (>= 1.1.2)
      gherkin (~> 2.5.0)
      json (>= 1.4.6)
      term-ansicolor (>= 1.0.6)
    cucumber-rails (0.3.2)
      cucumber (>= 0.8.0)
    daemons (1.4.1)
    delayed_job (2.0.6)
      daemons
    diff-lcs (1.4.4)
    ey_config (0.0.7)
    factory_girl (1.2.3)
    fakeweb (1.2.5)
    fastercsv (1.5.1)
    formtastic (0.2.5)
    gherkin (2.5.4)
      json (>= 1.4.6)
    has_scope (0.4.2)
    hoe (3.23.0)
      rake (>= 0.8, < 15.0)
    iconv (1.0.8)
    inherited_resources (1.0.4)
      has_scope (~> 0.4.2)
      responders (~> 0.4.3)
    jferris-mocha (0.9.5.0.1241126838)
      rake
    json (1.8.6)
    json_pure (1.4.6)
    jtrupiano-timecop (0.2.1)
    libxml-ruby (2.9.0)
    mime-types (1.16)
    mini_portile2 (2.6.1)
    mock_redis (0.4.1)
    mysql2 (0.4.10)
    nokogiri (1.12.5)
      mini_portile2 (~> 2.6.1)
      racc (~> 1.4)
    paperclip (2.3.1)
    racc (1.6.0)
    rack (1.4.7)
    rake (0.9.2.2)
    rdoc (3.12.2)
      json (~> 1.4)
    redis (3.0.7)
    responders (0.4.8)
    rspec (1.3.2)
    rspec-rails (1.3.4)
      rack (>= 1.0.0)
      rspec (~> 1.3.1)
    rubaidh-google_analytics (1.1.4)
      actionpack
      activesupport
    sendgrid (0.1.4)
    shoulda (2.10.3)
    sync (0.5.0)
    term-ansicolor (1.7.1)
      tins (~> 1.0)
    test-unit (1.2.3)
      hoe (>= 1.5.1)
    thoughtbot-clearance (0.8.2)
    tins (1.29.1)
      sync
    webrat (0.5.3)
      nokogiri (>= 1.2.0)
      rack (>= 1.0)
    xml-simple (1.0.12)
    yfactorial-utility_scopes (0.2.2)
      activerecord (>= 2.1.0)

PLATFORMS
  ruby

DEPENDENCIES
  actionmailer!
  actionpack!
  activerecord!
  activerecord-mysql2-adapter
  activeresource!
  activesupport!
  ambethia-smtp-tls (= 1.1.2)
  bugsnag (~> 5.5.0)
  cucumber (= 1.1.0)
  cucumber-rails (= 0.3.2)
  delayed_job (= 2.0.6)
  ey_config
  factory_girl (= 1.2.3)
  fakeweb (= 1.2.5)
  fastercsv (= 1.5.1)
  formtastic (~> 0.2.2)
  has_scope (= 0.4.2)
  iconv
  inherited_resources (= 1.0.4)
  jferris-mocha (= 0.9.5.0.1241126838)
  json_pure (= 1.4.6)
  jtrupiano-timecop (= 0.2.1)
  libxml-ruby (= 2.9.0)
  mime-types (= 1.16)
  mock_redis (= 0.4.1)
  mysql2 (= 0.4.10)
  paperclip (= 2.3.1)
  rails (~> 2.3.18)!
  railslts-version!
  railties!
  rake (~> 0.9.2.2)
  rdoc (~> 3.12)
  redis (~> 3.0.1)
  responders (= 0.4.8)
  rspec (~> 1.3.1)
  rspec-rails (= 1.3.4)
  rubaidh-google_analytics (= 1.1.4)
  sendgrid (= 0.1.4)
  shoulda (~> 2.10.1)
  test-unit (= 1.2.3)
  thoughtbot-clearance (= 0.8.2)
  webrat (= 0.5.3)
  xml-simple (= 1.0.12)
  yfactorial-utility_scopes (= 0.2.2)

BUNDLED WITH
   2.1.4
