GEM
  remote: https://rubygems.org/
  remote: http://gems.github.com/
  specs:
    actionmailer (2.3.18)
      actionpack (= 2.3.18)
    actionpack (2.3.18)
      activesupport (= 2.3.18)
      rack (~> 1.1.0)
    activerecord (2.3.18)
      activesupport (= 2.3.18)
    activeresource (2.3.18)
      activesupport (= 2.3.18)
    activesupport (2.3.18)
    airbrake (4.1.0)
      builder
      multi_json
    ambethia-smtp-tls (1.1.2)
    builder (3.2.2)
    cocaine (0.4.2)
    cucumber (1.1.0)
      builder (>= 2.1.2)
      diff-lcs (>= 1.1.2)
      gherkin (~> 2.5.0)
      json (>= 1.4.6)
      term-ansicolor (>= 1.0.6)
    cucumber-rails (0.3.2)
      cucumber (>= 0.8.0)
    daemons (1.1.9)
    delayed_job (2.0.6)
      daemons
    diff-lcs (1.1.3)
    ey_config (0.0.7)
    factory_girl (1.2.3)
    fakeweb (1.2.5)
    fastercsv (1.5.5)
    formtastic (0.2.5)
    gherkin (2.5.4)
      json (>= 1.4.6)
    has_scope (0.4.2)
    hoe (3.6.3)
      rake (>= 0.8, < 11.0)
    inherited_resources (1.0.5)
      has_scope (~> 0.4.2)
      responders (~> 0.4.3)
    jferris-mocha (0.9.5.0.1241126838)
      rake
    json (1.8.2)
    json_pure (1.4.6)
    jtrupiano-timecop (0.2.1)
    libxml-ruby (2.4.0)
    mime-types (2.4.3)
    mock_redis (0.4.1)
    multi_json (1.10.1)
    mysql2 (0.2.24)
    newrelic_rpm (3.10.0.279)
    nokogiri (1.5.11)
    paperclip (2.3.16)
      activerecord (>= 2.3.0)
      activesupport (>= 2.3.2)
      cocaine (>= 0.0.2)
      mime-types
    rack (1.1.6)
    rails (2.3.18)
      actionmailer (= 2.3.18)
      actionpack (= 2.3.18)
      activerecord (= 2.3.18)
      activeresource (= 2.3.18)
      activesupport (= 2.3.18)
      rake (>= 0.8.3)
    rake (0.9.2.2)
    rdo (0.1.8)
    redis (3.0.7)
    responders (0.4.8)
    rspec (1.3.2)
    rspec-rails (1.3.4)
      rack (>= 1.0.0)
      rspec (~> 1.3.1)
    rubaidh-google_analytics (1.1.4)
      actionpack
      activesupport
    sendgrid (0.1.4)
    shoulda (2.10.3)
    term-ansicolor (1.0.7)
    test-unit (1.2.3)
      hoe (>= 1.5.1)
    thoughtbot-clearance (0.8.2)
    webrat (0.5.3)
      nokogiri (>= 1.2.0)
      rack (>= 1.0)
    xml-simple (1.0.16)
    yfactorial-utility_scopes (0.2.3)
      activerecord (>= 2.1.0)

PLATFORMS
  ruby

DEPENDENCIES
  actionmailer (~> 2.3.18)
  actionpack (~> 2.3.18)
  activerecord (~> 2.3.18)
  activeresource (~> 2.3.18)
  activesupport (~> 2.3.18)
  airbrake (~> 4.1.0)
  ambethia-smtp-tls (~> 1.1.2)
  builder (~> 3.2.2)
  cucumber (= 1.1.0)
  cucumber-rails (= 0.3.2)
  daemons (~> 1.1.9)
  delayed_job (~> 2.0.6)
  diff-lcs (~> 1.1.3)
  ey_config
  factory_girl (= 1.2.3)
  fakeweb (= 1.2.5)
  fastercsv (~> 1.5.1)
  formtastic (~> 0.2.5)
  gherkin (~> 2.5.4)
  has_scope (~> 0.4.2)
  hoe (~> 3.6.0)
  inherited_resources (~> 1.0.4)
  jferris-mocha (= 0.9.5.0.1241126838)
  json (~> 1.8.1)
  json_pure (~> 1.4.6)
  jtrupiano-timecop (= 0.2.1)
  libxml-ruby (~> 2.4.0)
  mock_redis (= 0.4.1)
  multi_json (~> 1.10.1)
  mysql2 (~> 0.2.18)
  newrelic_rpm
  nokogiri (~> 1.5.5)
  paperclip (~> 2.3.1)
  rack (~> 1.1.6)
  rails (~> 2.3.18)
  rake (~> 0.9.2.2)
  rdo
  redis (~> 3.0.1)
  responders (~> 0.4.8)
  rspec (~> 1.3.1)
  rspec-rails (= 1.3.4)
  rubaidh-google_analytics (~> 1.1.4)
  sendgrid (~> 0.1.4)
  shoulda (~> 2.10.1)
  term-ansicolor (~> 1.0.7)
  test-unit (~> 1.2.3)
  thoughtbot-clearance (~> 0.8.2)
  webrat (= 0.5.3)
  xml-simple (~> 1.0.12)
  yfactorial-utility_scopes (~> 0.2.2)
