GIT
  remote: https://github.com/lucaspirola/acts_as_versioned.git
  revision: 864a1cdcdc2e9d5cec5f56ebaf93d51d459602f1
  specs:
    acts_as_versioned (0.6.0)
      activerecord (>= 2.3.18)

GEM
  remote: http://rubygems.org/
  remote: http://gems.github.com/
  specs:
    actionmailer (2.3.18)
      actionpack (= 2.3.18)
    actionpack (2.3.18)
      activesupport (= 2.3.18)
      rack (~> 1.1.0)
    activerecord (2.3.18)
      activesupport (= 2.3.18)
    activeresource (2.3.18)
      activesupport (= 2.3.18)
    activesupport (2.3.18)
    airbrake (4.1.0)
      builder
      multi_json
    ambethia-smtp-tls (1.1.2)
    builder (3.2.2)
    cucumber (1.1.0)
      builder (>= 2.1.2)
      diff-lcs (>= 1.1.2)
      gherkin (~> 2.5.0)
      json (>= 1.4.6)
      term-ansicolor (>= 1.0.6)
    cucumber-rails (0.3.2)
      cucumber (>= 0.8.0)
    daemons (1.1.9)
    delayed_job (2.0.6)
      daemons
    diff-lcs (1.2.5)
    ey_config (0.0.7)
    factory_girl (1.2.3)
    fakeweb (1.2.5)
    fastercsv (1.5.1)
    formtastic (0.2.5)
    gherkin (2.5.4)
      json (>= 1.4.6)
    has_scope (0.4.2)
    hoe (3.13.1)
      rake (>= 0.8, < 11.0)
    inherited_resources (1.0.4)
      has_scope (~> 0.4.2)
      responders (~> 0.4.3)
    jferris-mocha (0.9.5.0.1241126838)
      rake
    json (1.8.2)
    json_pure (1.4.6)
    jtrupiano-timecop (0.2.1)
    libxml-ruby (2.4.0)
    mime-types (1.16)
    mini_portile (0.6.2)
    mock_redis (0.4.1)
    multi_json (1.10.1)
    mysql2 (0.2.18)
    newrelic_rpm (3.10.0.279)
    nokogiri (1.6.6.2)
      mini_portile (~> 0.6.0)
    paperclip (2.3.1)
    rack (1.1.6)
    rails (2.3.18)
      actionmailer (= 2.3.18)
      actionpack (= 2.3.18)
      activerecord (= 2.3.18)
      activeresource (= 2.3.18)
      activesupport (= 2.3.18)
      rake (>= 0.8.3)
    rake (0.9.2.2)
    rdoc (3.12.2)
      json (~> 1.4)
    redis (3.0.7)
    responders (0.4.8)
    rspec (1.3.2)
    rspec-rails (1.3.4)
      rack (>= 1.0.0)
      rspec (~> 1.3.1)
    rubaidh-google_analytics (1.1.4)
      actionpack
      activesupport
    sendgrid (0.1.4)
    shoulda (2.10.3)
    term-ansicolor (1.3.0)
      tins (~> 1.0)
    test-unit (1.2.3)
      hoe (>= 1.5.1)
    thoughtbot-clearance (0.8.2)
    tins (1.3.4)
    webrat (0.5.3)
      nokogiri (>= 1.2.0)
      rack (>= 1.0)
    xml-simple (1.0.12)
    yfactorial-utility_scopes (0.2.2)
      activerecord (>= 2.1.0)

PLATFORMS
  ruby

DEPENDENCIES
  acts_as_versioned!
  airbrake
  ambethia-smtp-tls (= 1.1.2)
  cucumber (= 1.1.0)
  cucumber-rails (= 0.3.2)
  delayed_job (= 2.0.6)
  ey_config
  factory_girl (= 1.2.3)
  fakeweb (= 1.2.5)
  fastercsv (= 1.5.1)
  formtastic (~> 0.2.2)
  has_scope (= 0.4.2)
  inherited_resources (= 1.0.4)
  jferris-mocha (= 0.9.5.0.1241126838)
  json_pure (= 1.4.6)
  jtrupiano-timecop (= 0.2.1)
  libxml-ruby (= 2.4.0)
  mime-types (= 1.16)
  mock_redis (= 0.4.1)
  mysql2 (= 0.2.18)
  newrelic_rpm
  paperclip (= 2.3.1)
  rails (= 2.3.18)
  rake (~> 0.9.2.2)
  rdoc (~> 3.12)
  redis (~> 3.0.1)
  responders (= 0.4.8)
  rspec (~> 1.3.1)
  rspec-rails (= 1.3.4)
  rubaidh-google_analytics (= 1.1.4)
  sendgrid (= 0.1.4)
  shoulda (~> 2.10.1)
  test-unit (= 1.2.3)
  thoughtbot-clearance (= 0.8.2)
  webrat (= 0.5.3)
  xml-simple (= 1.0.12)
  yfactorial-utility_scopes (= 0.2.2)
