GEM
  remote: http://rubygems.org/
  remote: http://gems.github.com/
  specs:
    actionmailer (2.3.14)
      actionpack (= 2.3.14)
    actionpack (2.3.14)
      activesupport (= 2.3.14)
      rack (~> 1.1.0)
    activerecord (2.3.14)
      activesupport (= 2.3.14)
    activeresource (2.3.14)
      activesupport (= 2.3.14)
    activesupport (2.3.14)
    ambethia-smtp-tls (1.1.2)
    builder (3.0.0)
    cucumber (1.2.1)
      builder (>= 2.1.2)
      diff-lcs (>= 1.1.3)
      gherkin (~> 2.11.0)
      json (>= 1.4.6)
    daemons (1.1.8)
    delayed_job (2.0.6)
      daemons
    diff-lcs (1.1.3)
    factory_girl (1.2.3)
    fakeweb (1.2.5)
    fastercsv (1.5.1)
    formtastic (0.2.5)
    gherkin (2.11.1)
      json (>= 1.4.6)
    has_scope (0.4.2)
    hoptoad_notifier (2.4.9)
      activesupport
      builder
    inherited_resources (1.0.4)
      has_scope (~> 0.4.2)
      responders (~> 0.4.3)
    jferris-mocha (0.9.5.0.1241126838)
      rake
    json (1.7.4)
    json_pure (1.4.6)
    jtrupiano-timecop (0.2.1)
    mime-types (1.16)
    mysql2 (0.2.18)
    newrelic_rpm (3.3.0)
    nokogiri (1.5.5)
    paperclip (2.3.1)
    rack (1.1.3)
    rails (2.3.14)
      actionmailer (= 2.3.14)
      actionpack (= 2.3.14)
      activerecord (= 2.3.14)
      activeresource (= 2.3.14)
      activesupport (= 2.3.14)
      rake (>= 0.8.3)
    rake (0.9.2.2)
    redis (1.0.7)
    responders (0.4.8)
    rspec (1.3.2)
    rspec-rails (1.3.4)
      rack (>= 1.0.0)
      rspec (~> 1.3.1)
    rubaidh-google_analytics (1.1.4)
      actionpack
      activesupport
    sendgrid (0.1.4)
    shoulda (2.10.3)
    thoughtbot-clearance (0.8.2)
    webrat (0.5.3)
      nokogiri (>= 1.2.0)
      rack (>= 1.0)
    xml-simple (1.0.12)
    yfactorial-utility_scopes (0.2.2)
      activerecord (>= 2.1.0)

PLATFORMS
  ruby

DEPENDENCIES
  ambethia-smtp-tls (= 1.1.2)
  bundler (~> 1.1.5)
  cucumber (~> 1.2.1)
  delayed_job (= 2.0.6)
  factory_girl (= 1.2.3)
  fakeweb (= 1.2.5)
  fastercsv (= 1.5.1)
  formtastic (~> 0.2.2)
  has_scope (= 0.4.2)
  hoptoad_notifier (= 2.4.9)
  inherited_resources (= 1.0.4)
  jferris-mocha (= 0.9.5.0.1241126838)
  json_pure (= 1.4.6)
  jtrupiano-timecop (= 0.2.1)
  mime-types (= 1.16)
  mysql2 (= 0.2.18)
  newrelic_rpm (= 3.3.0)
  paperclip (= 2.3.1)
  rails (= 2.3.14)
  rake
  redis (= 1.0.7)
  responders (= 0.4.8)
  rspec (~> 1.3.1)
  rspec-rails (= 1.3.4)
  rubaidh-google_analytics (= 1.1.4)
  sendgrid (= 0.1.4)
  shoulda (~> 2.10.1)
  thoughtbot-clearance (= 0.8.2)
  webrat (= 0.5.3)
  xml-simple (= 1.0.12)
  yfactorial-utility_scopes (= 0.2.2)
